PATH
  remote: .
  specs:
    orange_zest (0.2.0)
      gosu

GEM
  remote: https://rubygems.org/
  specs:
    diff-lcs (1.5.0)
    gosu (1.4.5)
    rake (13.0.6)
    rspec (3.11.0)
      rspec-core (~> 3.11.0)
      rspec-expectations (~> 3.11.0)
      rspec-mocks (~> 3.11.0)
    rspec-core (3.11.0)
      rspec-support (~> 3.11.0)
    rspec-expectations (3.11.0)
      diff-lcs (>= 1.2.0, < 2.0)
      rspec-support (~> 3.11.0)
    rspec-mocks (3.11.1)
      diff-lcs (>= 1.2.0, < 2.0)
      rspec-support (~> 3.11.0)
    rspec-support (3.11.0)

PLATFORMS
  arm64-darwin-21
  x86_64-linux

DEPENDENCIES
  orange_zest!
  rake (~> 13.0)
  rspec (~> 3.0)

BUNDLED WITH
   2.2.22
